GEM
  remote: https://rubygems.org/
  specs:
    dotenv (2.2.1)
    mini_portile2 (2.3.0)
    nokogiri (1.8.1)
      mini_portile2 (~> 2.3.0)
    parallel (1.11.2)

PLATFORMS
  ruby

DEPENDENCIES
  dotenv
  nokogiri
  parallel

BUNDLED WITH
   1.14.6
